GEM
  remote: https://rubygems.org/
  specs:
    faraday (0.17.3)
      multipart-post (>= 1.2, < 3)
    git-version-bump (0.15.1)
    gocardless_pro (2.21.0)
      faraday (>= 0.9.2, < 1.0)
    i18n (0.7.0)
    multipart-post (2.1.1)
    prius (0.2.0)
    rack (1.6.4)
    rack-contrib (1.4.0)
      git-version-bump (~> 0.15)
      rack (~> 1.4)
    rack-protection (1.5.3)
      rack
    shotgun (0.9.1)
      rack (>= 1.0)
    sinatra (1.4.6)
      rack (~> 1.4)
      rack-protection (~> 1.4)
      tilt (>= 1.3, < 3)
    tilt (2.0.1)

PLATFORMS
  ruby

DEPENDENCIES
  gocardless_pro
  i18n
  prius (~> 0.2)
  rack-contrib
  shotgun
  sinatra

BUNDLED WITH
   1.10.3
